GEM
  remote: https://rubygems.org/
  specs:
    ast (2.3.0)
    childprocess (0.8.0)
      ffi (~> 1.0, >= 1.0.11)
    codecov (0.1.10)
      json
      simplecov
      url
    diff-lcs (1.3)
    docile (1.1.5)
    ffi (1.9.18)
    iniparse (1.4.4)
    json (2.1.0)
    mini_portile2 (2.4.0)
    nokogiri (1.10.3)
      mini_portile2 (~> 2.4.0)
    onlyoffice_file_helper (0.1.0)
      onlyoffice_logger_helper (~> 1)
      rubyzip (~> 1.0)
    onlyoffice_logger_helper (1.0.1)
    overcommit (0.41.0)
      childprocess (~> 0.6, >= 0.6.3)
      iniparse (~> 1.4)
    parallel (1.12.0)
    parser (2.4.0.0)
      ast (~> 2.2)
    powerpack (0.1.1)
    rainbow (2.2.2)
      rake
    rake (12.1.0)
    rspec (3.7.0)
      rspec-core (~> 3.7.0)
      rspec-expectations (~> 3.7.0)
      rspec-mocks (~> 3.7.0)
    rspec-core (3.7.0)
      rspec-support (~> 3.7.0)
    rspec-expectations (3.7.0)
      diff-lcs (>= 1.2.0, < 2.0)
      rspec-support (~> 3.7.0)
    rspec-mocks (3.7.0)
      diff-lcs (>= 1.2.0, < 2.0)
      rspec-support (~> 3.7.0)
    rspec-support (3.7.0)
    rubocop (0.51.0)
      parallel (~> 1.10)
      parser (>= 2.3.3.1, < 3.0)
      powerpack (~> 0.1)
      rainbow (>= 2.2.2, < 3.0)
      ruby-progressbar (~> 1.7)
      unicode-display_width (~> 1.0, >= 1.0.1)
    ruby-progressbar (1.9.0)
    rubyzip (1.2.1)
    simplecov (0.15.1)
      docile (~> 1.1.0)
      json (>= 1.8, < 3)
      simplecov-html (~> 0.10.0)
    simplecov-html (0.10.2)
    unicode-display_width (1.3.0)
    url (0.3.2)

PLATFORMS
  ruby

DEPENDENCIES
  codecov
  nokogiri
  onlyoffice_file_helper
  overcommit
  rake (>= 12)
  rspec
  rubocop

BUNDLED WITH
   1.15.4
